GEM
  remote: http://rubygems.org/
  specs:
    coderay (1.0.9)
    faraday (0.8.6)
      multipart-post (~> 1.1)
    faraday_middleware (0.9.0)
      faraday (>= 0.7.4, < 0.9)
    hipchat (0.7.0)
      httparty
      httparty
    httparty (0.10.2)
      multi_json (~> 1.0)
      multi_xml (>= 0.5.2)
    method_source (0.8.1)
    multi_json (1.6.1)
    multi_xml (0.5.3)
    multipart-post (1.2.0)
    pry (0.9.12)
      coderay (~> 1.0.5)
      method_source (~> 0.8)
      slop (~> 3.4)
    redis (3.0.3)
    slop (3.4.4)

PLATFORMS
  ruby

DEPENDENCIES
  faraday
  faraday_middleware
  hipchat
  pry
  redis
