GEM
  remote: http://rubygems.org/
  specs:
    coderay (1.0.9)
    faraday (0.8.6)
      multipart-post (~> 1.1)
    faraday_middleware (0.9.0)
      faraday (>= 0.7.4, < 0.9)
    hipchat (0.8.0)
      httparty
    httparty (0.10.2)
      multi_json (~> 1.0)
      multi_xml (>= 0.5.2)
    method_source (0.8.1)
    multi_json (1.7.1)
    multi_xml (0.5.3)
    multipart-post (1.2.0)
    oj (2.0.10)
    pry (0.9.12)
      coderay (~> 1.0.5)
      method_source (~> 0.8)
      slop (~> 3.4)
    redis (3.0.3)
    simple_oauth (0.2.0)
    slop (3.4.4)
    twitter (4.6.2)
      faraday (~> 0.8, < 0.10)
      multi_json (~> 1.0)
      simple_oauth (~> 0.2)

PLATFORMS
  ruby

DEPENDENCIES
  faraday
  faraday_middleware
  hipchat
  oj
  pry
  redis
  twitter
